GEM
  remote: http://rubygems.org/
  specs:
    mail (2.5.5)
      mime-types (~> 1.16)
      treetop (~> 1.4.8)
    mime-types (1.25.1)
    mocha (0.9.10)
      rake
    polyglot (0.3.5)
    rake (0.8.7)
    shared-mime-info (0.1)
    treetop (1.4.15)
      polyglot
      polyglot (>= 0.3.1)

PLATFORMS
  ruby

DEPENDENCIES
  mail (>= 2.2.1)
  mocha
  shared-mime-info
